GEM
  remote: https://rubygems.org/
  specs:
    actionmailer (4.2.5.1)
      actionpack (= 4.2.5.1)
      actionview (= 4.2.5.1)
      activejob (= 4.2.5.1)
      mail (~> 2.5, >= 2.5.4)
      rails-dom-testing (~> 1.0, >= 1.0.5)
    actionpack (4.2.5.1)
      actionview (= 4.2.5.1)
      activesupport (= 4.2.5.1)
      rack (~> 1.6)
      rack-test (~> 0.6.2)
      rails-dom-testing (~> 1.0, >= 1.0.5)
      rails-html-sanitizer (~> 1.0, >= 1.0.2)
    actionpack-page_caching (1.0.2)
      actionpack (>= 4.0.0, < 5)
    actionview (4.2.5.1)
      activesupport (= 4.2.5.1)
      builder (~> 3.1)
      erubis (~> 2.7.0)
      rails-dom-testing (~> 1.0, >= 1.0.5)
      rails-html-sanitizer (~> 1.0, >= 1.0.2)
    activejob (4.2.5.1)
      activesupport (= 4.2.5.1)
      globalid (>= 0.3.0)
    activemodel (4.2.5.1)
      activesupport (= 4.2.5.1)
      builder (~> 3.1)
    activerecord (4.2.5.1)
      activemodel (= 4.2.5.1)
      activesupport (= 4.2.5.1)
      arel (~> 6.0)
    activesupport (4.2.5.1)
      i18n (~> 0.7)
      json (~> 1.7, >= 1.7.7)
      minitest (~> 5.1)
      thread_safe (~> 0.3, >= 0.3.4)
      tzinfo (~> 1.1)
    acts-as-taggable-on (3.5.0)
      activerecord (>= 3.2, < 5)
    animate-rails (1.0.10)
      rails
    arel (6.0.3)
    authlogic (3.4.4)
      activerecord (>= 3.2)
      activesupport (>= 3.2)
      request_store (~> 1.0)
      scrypt (~> 1.2)
    autoprefixer-rails (6.3.6.2)
      execjs
    binding_of_caller (0.7.2)
      debug_inspector (>= 0.0.1)
    bootstrap-sass (3.3.3)
      autoprefixer-rails (>= 5.0.0.1)
      sass (>= 3.2.19)
    builder (3.2.2)
    callsite (0.0.11)
    casein (5.1.1.5)
      authlogic (= 3.4.4)
      bootstrap-sass (= 3.3.3)
      jquery-rails
      sass-rails
      scrypt (= 1.2.1)
      will_paginate (= 3.0.7)
    chunky_png (1.3.7)
    ckeditor (4.2.0)
      cocaine
      orm_adapter (~> 0.5.0)
    climate_control (0.0.3)
      activesupport (>= 3.0)
    cocaine (0.5.8)
      climate_control (>= 0.0.3, < 1.0)
    coffee-rails (4.1.1)
      coffee-script (>= 2.2.0)
      railties (>= 4.0.0, < 5.1.x)
    coffee-script (2.4.1)
      coffee-script-source
      execjs
    coffee-script-source (1.10.0)
    compass (1.0.3)
      chunky_png (~> 1.2)
      compass-core (~> 1.0.2)
      compass-import-once (~> 1.0.5)
      rb-fsevent (>= 0.9.3)
      rb-inotify (>= 0.9)
      sass (>= 3.3.13, < 3.5)
    compass-core (1.0.3)
      multi_json (~> 1.0)
      sass (>= 3.3.0, < 3.5)
    compass-import-once (1.0.5)
      sass (>= 3.2, < 3.5)
    concurrent-ruby (1.0.1)
    debug_inspector (0.0.2)
    erubis (2.7.0)
    execjs (2.6.0)
    ffi (1.9.10)
    ffi-compiler (0.1.3)
      ffi (>= 1.0.0)
      rake
    font-awesome-rails (4.6.2.0)
      railties (>= 3.2, < 5.1)
    friendly_id (5.0.5)
      activerecord (>= 4.0.0)
    globalid (0.3.6)
      activesupport (>= 4.1.0)
    haml (4.0.5)
      tilt
    i18n (0.7.0)
    jbuilder (2.4.1)
      activesupport (>= 3.0.0, < 5.1)
      multi_json (~> 1.2)
    jquery-rails (4.1.1)
      rails-dom-testing (>= 1, < 3)
      railties (>= 4.2.0)
      thor (>= 0.14, < 2.0)
    json (1.8.3)
    loofah (2.0.3)
      nokogiri (>= 1.5.9)
    mail (2.6.4)
      mime-types (>= 1.16, < 4)
    mail_form (1.5.1)
      actionmailer (>= 3.2, < 5)
      activemodel (>= 3.2, < 5)
    masonry-rails (0.2.4)
      railties
    meta_request (0.4.0)
      callsite (~> 0.0, >= 0.0.11)
      rack-contrib (~> 1.1)
      railties (>= 3.0.0, < 5.1.0)
    mime-types (3.0)
      mime-types-data (~> 3.2015)
    mime-types-data (3.2016.0221)
    mini_portile2 (2.0.0)
    minitest (5.8.4)
    multi_json (1.11.2)
    nested_form_fields (0.8)
      coffee-rails (>= 3.2.1)
      jquery-rails
      rails (>= 3.2.0)
    nokogiri (1.6.7.2)
      mini_portile2 (~> 2.0.0.rc2)
    orm_adapter (0.5.0)
    owlcarousel-rails (1.1.3.3)
      jquery-rails
    paperclip (4.2.4)
      activemodel (>= 3.2.0)
      activesupport (>= 3.2.0)
      cocaine (~> 0.5.5)
      mime-types
    paperclip-meta (2.0.1)
      paperclip (>= 3.0.2, < 5.0)
    pg (0.19.0)
    puma (3.6.0)
    rack (1.6.4)
    rack-contrib (1.2.0)
      rack (>= 0.9.1)
    rack-test (0.6.3)
      rack (>= 1.0)
    rails (4.2.5.1)
      actionmailer (= 4.2.5.1)
      actionpack (= 4.2.5.1)
      actionview (= 4.2.5.1)
      activejob (= 4.2.5.1)
      activemodel (= 4.2.5.1)
      activerecord (= 4.2.5.1)
      activesupport (= 4.2.5.1)
      bundler (>= 1.3.0, < 2.0)
      railties (= 4.2.5.1)
      sprockets-rails
    rails-deprecated_sanitizer (1.0.3)
      activesupport (>= 4.2.0.alpha)
    rails-dom-testing (1.0.7)
      activesupport (>= 4.2.0.beta, < 5.0)
      nokogiri (~> 1.6.0)
      rails-deprecated_sanitizer (>= 1.0.1)
    rails-html-sanitizer (1.0.3)
      loofah (~> 2.0)
    rails_12factor (0.0.2)
      rails_serve_static_assets
      rails_stdout_logging
    rails_serve_static_assets (0.0.5)
    rails_stdout_logging (0.0.5)
    railties (4.2.5.1)
      actionpack (= 4.2.5.1)
      activesupport (= 4.2.5.1)
      rake (>= 0.8.7)
      thor (>= 0.18.1, < 2.0)
    rake (11.1.2)
    rb-fsevent (0.9.7)
    rb-inotify (0.9.7)
      ffi (>= 0.5.0)
    rdoc (4.2.2)
      json (~> 1.4)
    request_store (1.3.1)
    sass (3.4.22)
    sass-rails (5.0.4)
      railties (>= 4.0.0, < 5.0)
      sass (~> 3.1)
      sprockets (>= 2.8, < 4.0)
      sprockets-rails (>= 2.0, < 4.0)
      tilt (>= 1.1, < 3)
    scrypt (1.2.1)
      ffi-compiler (>= 0.0.2)
      rake
    sdoc (0.4.1)
      json (~> 1.7, >= 1.7.7)
      rdoc (~> 4.0)
    seed_dump (3.2.4)
      activerecord (>= 4)
      activesupport (>= 4)
    simple_form (3.0.4)
      actionpack (~> 4.0)
      activemodel (~> 4.0)
    spring (1.6.4)
    sprockets (3.6.0)
      concurrent-ruby (~> 1.0)
      rack (> 1, < 3)
    sprockets-rails (3.0.4)
      actionpack (>= 4.0)
      activesupport (>= 4.0)
      sprockets (>= 3.0.0)
    sqlite3 (1.3.11)
    thor (0.19.1)
    thread_safe (0.3.5)
    tilt (2.0.2)
    truncate_html (0.9.3)
    tzinfo (1.2.2)
      thread_safe (~> 0.1)
    uglifier (3.0.0)
      execjs (>= 0.3.0, < 3)
    web-console (2.3.0)
      activemodel (>= 4.0)
      binding_of_caller (>= 0.7.2)
      railties (>= 4.0)
      sprockets-rails (>= 2.0, < 4.0)
    will_paginate (3.0.7)
    wow-rails (0.0.1)

PLATFORMS
  ruby

DEPENDENCIES
  actionpack-page_caching
  acts-as-taggable-on (~> 3.4)
  animate-rails
  bootstrap-sass (~> 3.3.3)
  casein (~> 5.1.1)
  ckeditor
  compass (~> 1.0, >= 1.0.3)
  font-awesome-rails
  friendly_id (~> 5.0.0)
  haml (~> 4.0.5)
  jbuilder (~> 2.0)
  jquery-rails
  mail_form (~> 1.5, >= 1.5.1)
  masonry-rails
  meta_request
  nested_form_fields
  owlcarousel-rails
  paperclip (~> 4.2.0)
  paperclip-meta
  pg
  puma
  rails (= 4.2.5.1)
  rails_12factor (= 0.0.2)
  sass-rails (~> 5.0)
  sdoc (~> 0.4.0)
  seed_dump
  simple_form (~> 3.0.2)
  spring
  sqlite3
  truncate_html
  uglifier (>= 1.3.0)
  web-console (~> 2.0)
  wow-rails

BUNDLED WITH
   1.13.1
